GEM
  remote: http://rubygems.org/
  specs:
    aws-sdk (2.0.39)
      aws-sdk-resources (= 2.0.39)
    aws-sdk-core (2.0.39)
      builder (~> 3.0)
      jmespath (~> 1.0)
      multi_json (~> 1.0)
    aws-sdk-resources (2.0.39)
      aws-sdk-core (= 2.0.39)
    builder (3.2.2)
    jmespath (1.1.3)
    json (1.8.3)
    multi_json (1.11.2)

PLATFORMS
  ruby

DEPENDENCIES
  aws-sdk (= 2.0.39)
  json (= 1.8.3)
